GEM
  remote: https://rubygems.org/
  specs:
    argon2 (2.1.1)
      ffi (~> 1.14)
      ffi-compiler (~> 1.0)
    ast (2.4.2)
    byebug (11.1.3)
    coderay (1.1.3)
    diff-lcs (1.5.0)
    ffi (1.15.4)
    ffi-compiler (1.0.1)
      ffi (>= 1.0.0)
      rake
    get_process_mem (0.2.7)
      ffi (~> 1.0)
    kgio (2.11.4)
    libv8-node (16.10.0.0)
    libv8-node (16.10.0.0-x86_64-linux)
    listen (3.7.0)
      rb-fsevent (~> 0.10, >= 0.10.3)
      rb-inotify (~> 0.9, >= 0.9.10)
    message_bus (3.3.8)
      rack (>= 1.1.3)
    method_source (1.0.0)
    mini_racer (0.5.0)
      libv8-node (~> 16.10.0.0)
    newrelic_rpm (8.2.0)
    opal (1.4.0)
      ast (>= 2.3.0)
      parser (~> 3.0, >= 3.0.3.2)
    parallel (1.21.0)
    parallel_tests (3.7.3)
      parallel
    parser (3.0.3.2)
      ast (~> 2.4.1)
    pg (1.2.3)
    pry (0.13.1)
      coderay (~> 1.1)
      method_source (~> 1.0)
    pry-byebug (3.9.0)
      byebug (~> 11.0)
      pry (~> 0.13.0)
    rack (2.2.3)
    rainbow (3.0.0)
    raindrops (0.20.0)
    rake (13.0.6)
    rb-fsevent (0.11.0)
    rb-inotify (0.10.1)
      ffi (~> 1.0)
    redis (4.5.1)
    regexp_parser (2.2.0)
    require_all (3.0.0)
    rerun (0.13.1)
      listen (~> 3.0)
    rexml (3.2.5)
    roda (3.51.0)
      rack
    rspec (3.10.0)
      rspec-core (~> 3.10.0)
      rspec-expectations (~> 3.10.0)
      rspec-mocks (~> 3.10.0)
    rspec-core (3.10.1)
      rspec-support (~> 3.10.0)
    rspec-expectations (3.10.1)
      diff-lcs (>= 1.2.0, < 2.0)
      rspec-support (~> 3.10.0)
    rspec-mocks (3.10.2)
      diff-lcs (>= 1.2.0, < 2.0)
      rspec-support (~> 3.10.0)
    rspec-support (3.10.3)
    rubocop (1.24.0)
      parallel (~> 1.10)
      parser (>= 3.0.0.0)
      rainbow (>= 2.2.2, < 4.0)
      regexp_parser (>= 1.8, < 3.0)
      rexml
      rubocop-ast (>= 1.15.0, < 2.0)
      ruby-progressbar (~> 1.7)
      unicode-display_width (>= 1.4.0, < 3.0)
    rubocop-ast (1.15.0)
      parser (>= 3.0.1.1)
    rubocop-performance (1.12.0)
      rubocop (>= 1.7.0, < 2.0)
      rubocop-ast (>= 0.4.0)
    ruby-progressbar (1.11.0)
    sequel (5.51.0)
    sequel-annotate (1.7.0)
      sequel (>= 4)
    sequel-pg_advisory_lock (0.1.2)
      sequel
    sequel_pg (1.14.0)
      pg (>= 0.18.0, != 1.2.0)
      sequel (>= 4.38.0)
    snabberb (1.5.4)
      opal (>= 1.1)
    stackprof (0.2.17)
    unicode-display_width (2.1.0)
    unicorn (6.0.0)
      kgio (~> 2.6)
      raindrops (~> 0.7)
    unicorn-worker-killer (0.4.5)
      get_process_mem (~> 0)
      unicorn (>= 4, < 7)

PLATFORMS
  ruby
  x86_64-linux

DEPENDENCIES
  argon2
  message_bus
  mini_racer
  newrelic_rpm
  opal
  parallel_tests
  pry-byebug
  rake
  redis
  require_all
  rerun
  roda
  rspec
  rubocop
  rubocop-performance
  sequel
  sequel-annotate
  sequel-pg_advisory_lock
  sequel_pg
  snabberb
  stackprof
  unicorn
  unicorn-worker-killer

BUNDLED WITH
   2.3.0.dev
